PATH
  remote: .
  specs:
    gemlock (0.0.4)
      bundler (~> 1.0.0)
      json
      rake (>= 0.8.7)
      rest-client

GEM
  remote: http://rubygems.org/
  specs:
    ZenTest (4.6.2)
    autotest (4.4.6)
      ZenTest (>= 4.4.1)
    coderay (0.9.8)
    diff-lcs (1.1.3)
    fakeweb (1.3.0)
    json (1.6.1)
    metaclass (0.0.1)
    method_source (0.6.5)
      ruby_parser (>= 2.0.5)
    mime-types (1.16)
    mocha (0.10.0)
      metaclass (~> 0.0.1)
    pry (0.9.6)
      coderay (>= 0.9.8)
      method_source (>= 0.6.5)
      ruby_parser (>= 2.0.5)
      slop (~> 2.1.0)
    rake (0.9.2)
    rest-client (1.6.7)
      mime-types (>= 1.16)
    rspec (2.6.0)
      rspec-core (~> 2.6.0)
      rspec-expectations (~> 2.6.0)
      rspec-mocks (~> 2.6.0)
    rspec-core (2.6.4)
    rspec-expectations (2.6.0)
      diff-lcs (~> 1.1.2)
    rspec-mocks (2.6.0)
    ruby_parser (2.3.0)
      sexp_processor (~> 3.0)
    sexp_processor (3.0.6)
    slop (2.1.0)
    vcr (1.11.3)

PLATFORMS
  ruby

DEPENDENCIES
  autotest
  fakeweb (>= 1.3.0)
  gemlock!
  mocha (~> 0.10.0)
  pry (>= 0.9.5)
  rspec (~> 2.6.0)
  vcr (>= 1.11.0)
