PATH
  remote: .
  specs:
    gemlock (0.0.2)
      bundler (~> 1.0.0)
      rake (>= 0.8.7)

GEM
  remote: http://rubygems.org/
  specs:
    coderay (0.9.8)
    diff-lcs (1.1.3)
    metaclass (0.0.1)
    method_source (0.6.5)
      ruby_parser (>= 2.0.5)
    mocha (0.10.0)
      metaclass (~> 0.0.1)
    pry (0.9.6)
      coderay (>= 0.9.8)
      method_source (>= 0.6.5)
      ruby_parser (>= 2.0.5)
      slop (~> 2.1.0)
    rake (0.9.2)
    rspec (2.6.0)
      rspec-core (~> 2.6.0)
      rspec-expectations (~> 2.6.0)
      rspec-mocks (~> 2.6.0)
    rspec-core (2.6.4)
    rspec-expectations (2.6.0)
      diff-lcs (~> 1.1.2)
    rspec-mocks (2.6.0)
    ruby_parser (2.3.0)
      sexp_processor (~> 3.0)
    sexp_processor (3.0.6)
    slop (2.1.0)

PLATFORMS
  ruby

DEPENDENCIES
  gemlock!
  mocha (~> 0.10.0)
  pry (>= 0.9.5)
  rspec (~> 2.6.0)
